GEM
  remote: http://rubygems.org/
  specs:
    git (1.2.5)
    jeweler (1.5.1)
      bundler (~> 1.0.0)
      git (>= 1.2.5)
      rake
    net-scp (1.0.4)
      net-ssh (>= 1.99.1)
    net-ssh (2.0.23)
    rake (0.8.7)
    rcov (0.9.9)
    ruby-growl (3.0)
    shoulda (2.11.3)

PLATFORMS
  ruby

DEPENDENCIES
  bundler (~> 1.0.0)
  jeweler (~> 1.5.1)
  net-scp (>= 1.0.4)
  rcov
  ruby-growl (>= 3.0)
  shoulda
